PATH
  remote: .
  specs:
    stitch (0.0.3)
      compass
      sass-globbing

GEM
  remote: http://rubygems.org/
  specs:
    chunky_png (1.2.0)
    compass (0.11.4)
      chunky_png (~> 1.2)
      fssm (>= 0.2.7)
      sass (~> 3.1)
    fssm (0.2.7)
    sass (3.1.7)
    sass-globbing (1.0.0.rc.1)
      sass (>= 3.1)

PLATFORMS
  ruby

DEPENDENCIES
  stitch!
